GEM
  remote: https://rubygems.org/
  specs:
    google-protobuf (3.19.2)
    googleapis-common-protos-types (1.3.0)
      google-protobuf (~> 3.14)
    grpc (1.42.0)
      google-protobuf (~> 3.18)
      googleapis-common-protos-types (~> 1.0)

PLATFORMS
  arm64-darwin-20

DEPENDENCIES
  grpc

BUNDLED WITH
   2.2.31
