GEM
  remote: https://rubygems.org/
  specs:
    mustermann (1.0.3)
    rack (2.2.3)
    rack-protection (2.0.4)
      rack
    sinatra (2.0.4)
      mustermann (~> 1.0)
      rack (~> 2.0)
      rack-protection (= 2.0.4)
      tilt (~> 2.0)
    sinatra-cors (1.1.0)
    tilt (2.0.8)

PLATFORMS
  ruby

DEPENDENCIES
  sinatra
  sinatra-cors

BUNDLED WITH
   1.17.1
